GEM
  remote: https://rubygems.org/
  specs:
    activesupport (4.0.5)
      i18n (~> 0.6, >= 0.6.9)
      minitest (~> 4.2)
      multi_json (~> 1.3)
      thread_safe (~> 0.1)
      tzinfo (~> 0.3.37)
    i18n (0.6.9)
    minitest (4.7.5)
    multi_json (1.10.1)
    thread_safe (0.3.3)
    twitter_web_intents (0.0.1)
      activesupport (>= 3.0, < 4.1)
    tzinfo (0.3.39)

PLATFORMS
  ruby

DEPENDENCIES
  twitter_web_intents
